PATH
  remote: .
  specs:
    zazz (0.0.8)
      compass
      sass

GEM
  remote: http://rubygems.org/
  specs:
    chunky_png (1.2.6)
    compass (0.12.2)
      chunky_png (~> 1.2)
      fssm (>= 0.2.7)
      sass (~> 3.1)
    fssm (0.2.9)
    rake (0.9.2.2)
    sass (3.2.1)

PLATFORMS
  ruby

DEPENDENCIES
  rake
  zazz!
